GIT
  remote: https://github.com/next-l/enju_biblio.git
  revision: 8be206cee393e3ff81fc446a6e53a1d11b4dc02d
  specs:
    enju_biblio (0.4.0.beta.1)
      dynamic_form
      enju_library (~> 0.4.0.beta.1)
      faraday
      library_stdnums
      lisbn
      marc
      simple_form

GIT
  remote: https://github.com/next-l/enju_circulation.git
  revision: ef6a3181e23a4f61cd029b1b295877a1700c8cdc
  specs:
    enju_circulation (0.4.0.beta.1)
      enju_biblio (~> 0.4.0.beta.1)
      enju_event (~> 0.4.0.beta.1)

GIT
  remote: https://github.com/next-l/enju_event.git
  revision: 544a19d026eb0c9c773c18d4c79f21807d1b556d
  specs:
    enju_event (0.4.0.beta.1)
      enju_message (~> 0.4.0.beta.1)
      ri_cal

GIT
  remote: https://github.com/next-l/enju_inventory.git
  revision: 0cb253b8c64a6a7f32d4b687558508323ecde5b3
  specs:
    enju_inventory (0.4.0.beta.1)
      enju_biblio (~> 0.4.0.beta.1)

GIT
  remote: https://github.com/next-l/enju_leaf.git
  revision: 681796e92c995218fc6c75479d26c8bb0864f100
  specs:
    enju_leaf (1.4.0.beta.1)
      enju_biblio (~> 0.4.0.beta.1)
      enju_library (~> 0.4.0.beta.1)
      jquery-ui-rails (~> 4.2.1)
      rails (~> 5.2)

GIT
  remote: https://github.com/next-l/enju_library.git
  revision: 8785ae516b8afc6e53ebab1cc736f5247662ecc5
  specs:
    enju_library (0.4.0.beta.1)
      enju_seed (~> 0.4.0.beta.1)
      geocoder
      mini_magick
      statesman (~> 4.1)

GIT
  remote: https://github.com/next-l/enju_manifestation_viewer.git
  revision: fe3bbcb2bbbacd747155b857fdbaffe1469b31cb
  specs:
    enju_manifestation_viewer (0.4.0.beta.1)
      enju_biblio (~> 0.4.0.beta.1)

GIT
  remote: https://github.com/next-l/enju_message.git
  revision: 3b265c8b22bd75b185edf6a63be6901e7a4d1f8a
  specs:
    enju_message (0.4.0.beta.1)
      awesome_nested_set (~> 3.1)
      enju_library (~> 0.4.0.beta.1)
      erubis

GIT
  remote: https://github.com/next-l/enju_ndl.git
  revision: dcd7961e08c70f334bcef8ea3b2ed65f7c7388bb
  specs:
    enju_ndl (0.4.0.beta.1)
      faraday
      library_stdnums
      lisbn

GIT
  remote: https://github.com/next-l/enju_seed.git
  revision: 3ac27ee640b03d28f1e289eafb6a4c558b4566fb
  specs:
    enju_seed (0.4.0.beta.2)
      acts_as_list (~> 0.9)
      addressable (~> 2.6)
      browser (~> 2.5)
      cocoon
      devise (~> 4.5)
      friendly_id (~> 5.2)
      json_translate (~> 4.0)
      kaminari (~> 1.1)
      kramdown
      pundit (~> 2.0)
      rails (~> 5.2)
      rails_autolink
      simple_form
      strip_attributes (~> 1.9)
      sunspot_rails (~> 2.3)
      validates_timeliness (~> 4.0)

GIT
  remote: https://github.com/next-l/enju_subject.git
  revision: 5a4ed4f28bed2ee9c538ecc1fa589cc19a7f523d
  specs:
    enju_subject (0.4.0.beta.1)
      enju_biblio (~> 0.4.0.beta.1)

GEM
  remote: https://rubygems.org/
  specs:
    actioncable (5.2.3)
      actionpack (= 5.2.3)
      nio4r (~> 2.0)
      websocket-driver (>= 0.6.1)
    actionmailer (5.2.3)
      actionpack (= 5.2.3)
      actionview (= 5.2.3)
      activejob (= 5.2.3)
      mail (~> 2.5, >= 2.5.4)
      rails-dom-testing (~> 2.0)
    actionpack (5.2.3)
      actionview (= 5.2.3)
      activesupport (= 5.2.3)
      rack (~> 2.0)
      rack-test (>= 0.6.3)
      rails-dom-testing (~> 2.0)
      rails-html-sanitizer (~> 1.0, >= 1.0.2)
    actionview (5.2.3)
      activesupport (= 5.2.3)
      builder (~> 3.1)
      erubi (~> 1.4)
      rails-dom-testing (~> 2.0)
      rails-html-sanitizer (~> 1.0, >= 1.0.3)
    activejob (5.2.3)
      activesupport (= 5.2.3)
      globalid (>= 0.3.6)
    activemodel (5.2.3)
      activesupport (= 5.2.3)
    activerecord (5.2.3)
      activemodel (= 5.2.3)
      activesupport (= 5.2.3)
      arel (>= 9.0)
    activestorage (5.2.3)
      actionpack (= 5.2.3)
      activerecord (= 5.2.3)
      marcel (~> 0.3.1)
    activesupport (5.2.3)
      concurrent-ruby (~> 1.0, >= 1.0.2)
      i18n (>= 0.7, < 2)
      minitest (~> 5.1)
      tzinfo (~> 1.1)
    acts_as_list (0.9.19)
      activerecord (>= 3.0)
    addressable (2.6.0)
      public_suffix (>= 2.0.2, < 4.0)
    archive-zip (0.12.0)
      io-like (~> 0.3.0)
    arel (9.0.0)
    awesome_nested_set (3.1.4)
      activerecord (>= 4.0.0, < 5.3)
    bcrypt (3.1.12)
    bindex (0.7.0)
    bootsnap (1.4.4)
      msgpack (~> 1.0)
    browser (2.5.3)
    builder (3.2.3)
    byebug (11.0.1)
    capybara (3.18.0)
      addressable
      mini_mime (>= 0.1.3)
      nokogiri (~> 1.8)
      rack (>= 1.6.0)
      rack-test (>= 0.6.3)
      regexp_parser (~> 1.2)
      xpath (~> 3.2)
    charlock_holmes (0.7.6)
    childprocess (1.0.1)
      rake (< 13.0)
    chromedriver-helper (2.1.1)
      archive-zip (~> 0.10)
      nokogiri (~> 1.8)
    cocoon (1.2.12)
    coffee-rails (4.2.2)
      coffee-script (>= 2.2.0)
      railties (>= 4.0.0)
    coffee-script (2.4.1)
      coffee-script-source
      execjs
    coffee-script-source (1.12.2)
    concurrent-ruby (1.1.5)
    crass (1.0.4)
    devise (4.6.2)
      bcrypt (~> 3.0)
      orm_adapter (~> 0.1)
      railties (>= 4.1.0, < 6.0)
      responders
      warden (~> 1.2.3)
    dotenv (2.7.2)
    dotenv-rails (2.7.2)
      dotenv (= 2.7.2)
      railties (>= 3.2, < 6.1)
    dynamic_form (1.1.4)
    erubi (1.8.0)
    erubis (2.7.0)
    execjs (2.7.0)
    faraday (0.15.4)
      multipart-post (>= 1.2, < 3)
    ffi (1.10.0)
    fix_microsoft_links (0.1.6)
      rack (>= 1.1.1)
    friendly_id (5.2.5)
      activerecord (>= 4.0.0)
    geocoder (1.5.1)
    globalid (0.4.2)
      activesupport (>= 4.2.0)
    highline (2.0.2)
    i18n (1.6.0)
      concurrent-ruby (~> 1.0)
    io-like (0.3.0)
    jbuilder (2.8.0)
      activesupport (>= 4.2.0)
      multi_json (>= 1.2)
    jquery-rails (4.3.3)
      rails-dom-testing (>= 1, < 3)
      railties (>= 4.2.0)
      thor (>= 0.14, < 2.0)
    jquery-ui-rails (4.2.1)
      railties (>= 3.2.16)
    json_translate (4.0.0)
      activerecord (>= 4.2.0)
    kaminari (1.1.1)
      activesupport (>= 4.1.0)
      kaminari-actionview (= 1.1.1)
      kaminari-activerecord (= 1.1.1)
      kaminari-core (= 1.1.1)
    kaminari-actionview (1.1.1)
      actionview
      kaminari-core (= 1.1.1)
    kaminari-activerecord (1.1.1)
      activerecord
      kaminari-core (= 1.1.1)
    kaminari-core (1.1.1)
    kramdown (2.1.0)
    library_stdnums (1.6.0)
    lisbn (0.3.0)
      nokogiri
      nori (~> 2.0)
    listen (3.1.5)
      rb-fsevent (~> 0.9, >= 0.9.4)
      rb-inotify (~> 0.9, >= 0.9.7)
      ruby_dep (~> 1.2)
    loofah (2.2.3)
      crass (~> 1.0.2)
      nokogiri (>= 1.5.9)
    mail (2.7.1)
      mini_mime (>= 0.1.1)
    marc (1.0.3)
      scrub_rb (>= 1.0.1, < 2)
      unf
    marcel (0.3.3)
      mimemagic (~> 0.3.2)
    method_source (0.9.2)
    mimemagic (0.3.3)
    mini_magick (4.9.3)
    mini_mime (1.0.1)
    mini_portile2 (2.4.0)
    minitest (5.11.3)
    mono_logger (1.1.0)
    msgpack (1.2.10)
    multi_json (1.13.1)
    multipart-post (2.0.0)
    mustermann (1.0.3)
    nio4r (2.3.1)
    nokogiri (1.10.3)
      mini_portile2 (~> 2.4.0)
    non-stupid-digest-assets (1.0.9)
      sprockets (>= 2.0)
    nori (2.6.0)
    options (2.3.2)
    orm_adapter (0.5.0)
    pg (1.1.4)
    pr_geohash (1.0.0)
    progress_bar (1.3.0)
      highline (>= 1.6, < 3)
      options (~> 2.3.0)
    public_suffix (3.0.3)
    puma (3.12.1)
    pundit (2.0.1)
      activesupport (>= 3.0.0)
    rack (2.0.7)
    rack-protection (2.0.5)
      rack
    rack-test (1.1.0)
      rack (>= 1.0, < 3)
    rails (5.2.3)
      actioncable (= 5.2.3)
      actionmailer (= 5.2.3)
      actionpack (= 5.2.3)
      actionview (= 5.2.3)
      activejob (= 5.2.3)
      activemodel (= 5.2.3)
      activerecord (= 5.2.3)
      activestorage (= 5.2.3)
      activesupport (= 5.2.3)
      bundler (>= 1.3.0)
      railties (= 5.2.3)
      sprockets-rails (>= 2.0.0)
    rails-dom-testing (2.0.3)
      activesupport (>= 4.2.0)
      nokogiri (>= 1.6)
    rails-html-sanitizer (1.0.4)
      loofah (~> 2.2, >= 2.2.2)
    rails_autolink (1.1.6)
      rails (> 3.1)
    railties (5.2.3)
      actionpack (= 5.2.3)
      activesupport (= 5.2.3)
      method_source
      rake (>= 0.8.7)
      thor (>= 0.19.0, < 2.0)
    rake (12.3.2)
    rb-fsevent (0.10.3)
    rb-inotify (0.10.0)
      ffi (~> 1.0)
    redis (4.1.0)
    redis-namespace (1.6.0)
      redis (>= 3.0.4)
    regexp_parser (1.4.0)
    responders (2.4.1)
      actionpack (>= 4.2.0, < 6.0)
      railties (>= 4.2.0, < 6.0)
    resque (2.0.0)
      mono_logger (~> 1.0)
      multi_json (~> 1.0)
      redis-namespace (~> 1.6)
      sinatra (>= 0.9.2)
      vegas (~> 0.1.2)
    ri_cal (0.8.8)
    rsolr (2.2.1)
      builder (>= 2.1.2)
      faraday (>= 0.9.0)
    ruby_dep (1.5.0)
    rubyzip (1.2.2)
    sass (3.7.4)
      sass-listen (~> 4.0.0)
    sass-listen (4.0.0)
      rb-fsevent (~> 0.9, >= 0.9.4)
      rb-inotify (~> 0.9, >= 0.9.7)
    sass-rails (5.0.7)
      railties (>= 4.0.0, < 6)
      sass (~> 3.1)
      sprockets (>= 2.8, < 4.0)
      sprockets-rails (>= 2.0, < 4.0)
      tilt (>= 1.1, < 3)
    scrub_rb (1.0.1)
    selenium-webdriver (3.142.0)
      childprocess (>= 0.5, < 2.0)
      rubyzip (~> 1.2, >= 1.2.2)
    simple_form (4.1.0)
      actionpack (>= 5.0)
      activemodel (>= 5.0)
    sinatra (2.0.5)
      mustermann (~> 1.0)
      rack (~> 2.0)
      rack-protection (= 2.0.5)
      tilt (~> 2.0)
    sitemap_generator (6.0.2)
      builder (~> 3.0)
    spring (2.0.2)
      activesupport (>= 4.2)
    spring-watcher-listen (2.0.1)
      listen (>= 2.7, < 4.0)
      spring (>= 1.2, < 3.0)
    sprockets (3.7.2)
      concurrent-ruby (~> 1.0)
      rack (> 1, < 3)
    sprockets-rails (3.2.1)
      actionpack (>= 4.0)
      activesupport (>= 4.0)
      sprockets (>= 3.0.0)
    statesman (4.1.0)
    strip_attributes (1.9.0)
      activemodel (>= 3.0, < 7.0)
    sunspot (2.3.0)
      pr_geohash (~> 1.0)
      rsolr (>= 1.1.1, < 3)
    sunspot_rails (2.3.0)
      rails (>= 3)
      sunspot (= 2.3.0)
    sunspot_solr (2.3.0)
    thor (0.20.3)
    thread_safe (0.3.6)
    tilt (2.0.9)
    timeliness (0.3.10)
    tzinfo (1.2.5)
      thread_safe (~> 0.1)
    uglifier (4.1.20)
      execjs (>= 0.3.0, < 3)
    unf (0.1.4)
      unf_ext
    unf_ext (0.0.7.6)
    validates_timeliness (4.0.2)
      timeliness (~> 0.3.7)
    vegas (0.1.11)
      rack (>= 1.0.0)
    warden (1.2.8)
      rack (>= 2.0.6)
    web-console (3.7.0)
      actionview (>= 5.0)
      activemodel (>= 5.0)
      bindex (>= 0.4.0)
      railties (>= 5.0)
    websocket-driver (0.7.0)
      websocket-extensions (>= 0.1.0)
    websocket-extensions (0.1.3)
    xpath (3.2.0)
      nokogiri (~> 1.8)

PLATFORMS
  ruby

DEPENDENCIES
  bootsnap (>= 1.1.0)
  byebug
  capybara (>= 2.15)
  charlock_holmes
  chromedriver-helper
  coffee-rails (~> 4.2)
  dotenv-rails
  enju_biblio!
  enju_circulation!
  enju_event!
  enju_inventory!
  enju_leaf!
  enju_library!
  enju_manifestation_viewer!
  enju_message!
  enju_ndl!
  enju_seed!
  enju_subject!
  fix_microsoft_links
  jbuilder (~> 2.5)
  jquery-rails
  jquery-ui-rails (~> 4.2)
  json_translate
  listen (>= 3.0.5, < 3.2)
  non-stupid-digest-assets
  pg (>= 0.18, < 2.0)
  progress_bar
  puma (~> 3.11)
  rails (~> 5.2.3)
  resque
  sass-rails (~> 5.0)
  selenium-webdriver
  sinatra (~> 2.0.0)
  sitemap_generator
  spring
  spring-watcher-listen (~> 2.0.0)
  sunspot_solr (~> 2.3)
  tzinfo-data
  uglifier (>= 1.3.0)
  web-console (>= 3.3.0)

RUBY VERSION
   ruby 2.6.3p62

BUNDLED WITH
   1.17.2
